GEM
  remote: https://rubygems.org/
  specs:
    activesupport (4.1.8)
      i18n (~> 0.6, >= 0.6.9)
      json (~> 1.7, >= 1.7.7)
      minitest (~> 5.1)
      thread_safe (~> 0.1)
      tzinfo (~> 1.1)
    afmotion (2.4.1)
      motion-cocoapods (>= 1.4.1)
      motion-require (>= 0.1)
    claide (0.7.0)
    cocoapods (0.35.0)
      activesupport (>= 3.2.15)
      claide (~> 0.7.0)
      cocoapods-core (= 0.35.0)
      cocoapods-downloader (~> 0.8.0)
      cocoapods-plugins (~> 0.3.1)
      cocoapods-trunk (~> 0.4.1)
      cocoapods-try (~> 0.4.2)
      colored (~> 1.2)
      escape (~> 0.0.4)
      molinillo (~> 0.1.2)
      nap (~> 0.8)
      open4 (~> 1.3)
      xcodeproj (~> 0.20.2)
    cocoapods-core (0.35.0)
      activesupport (>= 3.2.15)
      fuzzy_match (~> 2.0.4)
      nap (~> 0.8.0)
    cocoapods-downloader (0.8.0)
    cocoapods-plugins (0.3.2)
      nap
    cocoapods-trunk (0.4.1)
      nap (>= 0.8)
      netrc (= 0.7.8)
    cocoapods-try (0.4.2)
    colored (1.2)
    escape (0.0.4)
    fuzzy_match (2.0.4)
    i18n (0.6.11)
    json (1.8.1)
    minitest (5.4.3)
    molinillo (0.1.2)
    motion-cocoapods (1.7.0)
      cocoapods (>= 0.34)
    motion-require (0.2.0)
    nap (0.8.0)
    netrc (0.7.8)
    open4 (1.3.4)
    ruby_motion_query (0.5.5)
    thread_safe (0.3.4)
    tzinfo (1.2.2)
      thread_safe (~> 0.1)
    xcodeproj (0.20.2)
      activesupport (>= 3)
      colored (~> 1.2)

PLATFORMS
  ruby

DEPENDENCIES
  afmotion
  ruby_motion_query
